GEM
  remote: http://rubygems.org/
  specs:
    activesupport (3.2.9)
      i18n (~> 0.6)
      multi_json (~> 1.0)
    diff-lcs (1.1.3)
    factory_girl (4.1.0)
      activesupport (>= 3.0.0)
    fakeweb (1.3.0)
    git (1.2.5)
    hashie (1.2.0)
    i18n (0.6.1)
    jeweler (1.6.4)
      bundler (~> 1.0)
      git (>= 1.2.5)
      rake
    money (5.1.0)
      i18n (~> 0.6.0)
    multi_json (1.3.7)
    nokogiri (1.5.5)
    rake (10.0.1)
    rspec (2.12.0)
      rspec-core (~> 2.12.0)
      rspec-expectations (~> 2.12.0)
      rspec-mocks (~> 2.12.0)
    rspec-core (2.12.0)
    rspec-expectations (2.12.0)
      diff-lcs (~> 1.1.3)
    rspec-mocks (2.12.0)
    shoulda (3.3.2)
      shoulda-context (~> 1.0.1)
      shoulda-matchers (~> 1.4.1)
    shoulda-context (1.0.1)
    shoulda-matchers (1.4.1)
      activesupport (>= 3.0.0)
    thor (0.16.0)
    vcr (2.7.0)

PLATFORMS
  ruby

DEPENDENCIES
  bundler
  factory_girl
  fakeweb
  hashie
  i18n
  jeweler (~> 1.6.4)
  money
  nokogiri
  rspec
  shoulda
  thor
  vcr
